GEM
  remote: https://rubygems.org/
  specs:
    coderay (1.1.0)
    ethon (0.9.0)
      ffi (>= 1.3.0)
    ffi (1.9.10)
    ffi (1.9.10-java)
    method_source (0.8.2)
    pry (0.10.3)
      coderay (~> 1.1.0)
      method_source (~> 0.8.1)
      slop (~> 3.4)
    pry (0.10.3-java)
      coderay (~> 1.1.0)
      method_source (~> 0.8.1)
      slop (~> 3.4)
      spoon (~> 0.0)
    slop (3.6.0)
    spoon (0.0.4)
      ffi
    typhoeus (1.0.2)
      ethon (>= 0.9.0)

PLATFORMS
  java
  ruby

DEPENDENCIES
  pry
  typhoeus

BUNDLED WITH
   1.12.4
